GIT
  remote: https://github.com/sckott/veyor
  revision: ff25bd3c618ecf5d4706c47977986cba11a09618
  specs:
    veyor (0.1.3.9110)
      faraday (~> 0.15.2)
      faraday_middleware (~> 0.12.2)
      multi_json (~> 1.13, >= 1.13.1)
      thor (~> 0.20.0)

GEM
  remote: https://rubygems.org/
  specs:
    faraday (0.15.4)
      multipart-post (>= 1.2, < 3)
    faraday_middleware (0.12.2)
      faraday (>= 0.7.4, < 1.0)
    multi_json (1.13.1)
    multipart-post (2.0.0)
    thor (0.20.3)

PLATFORMS
  ruby

DEPENDENCIES
  veyor!

BUNDLED WITH
   1.16.4
